GEM
  remote: https://rubygems.org/
  specs:
    RedCloth (4.2.9)
    actionpack (6.0.3.7)
      actionview (= 6.0.3.7)
      activesupport (= 6.0.3.7)
      rack (~> 2.0, >= 2.0.8)
      rack-test (>= 0.6.3)
      rails-dom-testing (~> 2.0)
      rails-html-sanitizer (~> 1.0, >= 1.2.0)
    actionview (6.0.3.7)
      activesupport (= 6.0.3.7)
      builder (~> 3.1)
      erubi (~> 1.4)
      rails-dom-testing (~> 2.0)
      rails-html-sanitizer (~> 1.1, >= 1.2.0)
    activesupport (6.0.3.7)
      concurrent-ruby (~> 1.0, >= 1.0.2)
      i18n (>= 0.7, < 2)
      minitest (~> 5.1)
      tzinfo (~> 1.1)
      zeitwerk (~> 2.2, >= 2.2.2)
    addressable (2.4.0)
    autoprefixer-rails (10.4.7.0)
      execjs (~> 2)
    bibtex-ruby (6.0.0)
      latex-decode (~> 0.0)
    blankslate (2.1.2.4)
    bootstrap (5.0.1)
      autoprefixer-rails (>= 9.1.0)
      popper_js (>= 2.9.2, < 3)
      sassc-rails (>= 2.0.0)
    builder (3.2.4)
    citeproc (1.0.10)
      namae (~> 1.0)
    citeproc-ruby (1.1.14)
      citeproc (~> 1.0, >= 1.0.9)
      csl (~> 1.6)
    classifier-reborn (2.3.0)
      fast-stemmer (~> 1.0)
      matrix (~> 0.4)
    coffee-script (2.4.1)
      coffee-script-source
      execjs
    coffee-script-source (1.12.2)
    colorator (0.1)
    concurrent-ruby (1.1.10)
    crass (1.0.6)
    csl (1.6.0)
      namae (~> 1.0)
      rexml
    csl-styles (1.0.1.11)
      csl (~> 1.0)
    erubi (1.11.0)
    ethon (0.15.0)
      ffi (>= 1.15.0)
    execjs (2.8.1)
    faraday (2.6.0)
      faraday-net_http (>= 2.0, < 3.1)
      ruby2_keywords (>= 0.0.4)
    faraday-net_http (3.0.1)
    fast-stemmer (1.0.2)
    ffi (1.15.5)
    gemoji (2.1.0)
    github-pages (43)
      RedCloth (= 4.2.9)
      github-pages-health-check (= 0.6.0)
      jekyll (= 2.4.0)
      jekyll-coffeescript (= 1.0.1)
      jekyll-feed (= 0.3.1)
      jekyll-gist (= 1.4.0)
      jekyll-mentions (= 0.2.1)
      jekyll-paginate (= 1.1.0)
      jekyll-redirect-from (= 0.9.1)
      jekyll-sass-converter (= 1.3.0)
      jekyll-seo-tag (= 0.1.4)
      jekyll-sitemap (= 0.9.0)
      jemoji (= 0.5.0)
      kramdown (= 1.9.0)
      liquid (= 2.6.2)
      maruku (= 0.7.0)
      mercenary (~> 0.3)
      pygments.rb (= 0.6.3)
      rdiscount (= 2.1.8)
      redcarpet (= 3.3.3)
      terminal-table (~> 1.4)
    github-pages-health-check (0.6.0)
      addressable (~> 2.3)
      net-dns (~> 0.8)
      public_suffix (~> 1.4)
      typhoeus (~> 0.7)
    html-pipeline (1.9.0)
      activesupport (>= 2)
      nokogiri (~> 1.4)
    i18n (1.12.0)
      concurrent-ruby (~> 1.0)
    jekyll (2.4.0)
      classifier-reborn (~> 2.0)
      colorator (~> 0.1)
      jekyll-coffeescript (~> 1.0)
      jekyll-gist (~> 1.0)
      jekyll-paginate (~> 1.0)
      jekyll-sass-converter (~> 1.0)
      jekyll-watch (~> 1.1)
      kramdown (~> 1.3)
      liquid (~> 2.6.1)
      mercenary (~> 0.3.3)
      pygments.rb (~> 0.6.0)
      redcarpet (~> 3.1)
      safe_yaml (~> 1.0)
      toml (~> 0.1.0)
    jekyll-coffeescript (1.0.1)
      coffee-script (~> 2.2)
    jekyll-feed (0.3.1)
    jekyll-gist (1.4.0)
      octokit (~> 4.2)
    jekyll-mentions (0.2.1)
      html-pipeline (~> 1.9.0)
      jekyll (~> 2.0)
    jekyll-paginate (1.1.0)
    jekyll-redirect-from (0.9.1)
      jekyll (>= 2.0)
    jekyll-sass-converter (1.3.0)
      sass (~> 3.2)
    jekyll-scholar (4.2.2)
      bibtex-ruby (>= 4.0.8)
      citeproc-ruby (~> 1.0)
      csl-styles (~> 1.0)
      jekyll (~> 2.0)
    jekyll-seo-tag (0.1.4)
      jekyll (>= 2.0)
    jekyll-sitemap (0.9.0)
    jekyll-watch (1.5.1)
      listen (~> 3.0)
    jemoji (0.5.0)
      gemoji (~> 2.0)
      html-pipeline (~> 1.9)
      jekyll (>= 2.0)
    kramdown (1.9.0)
    latex-decode (0.4.0)
    liquid (2.6.2)
    listen (3.7.1)
      rb-fsevent (~> 0.10, >= 0.10.3)
      rb-inotify (~> 0.9, >= 0.9.10)
    loofah (2.19.0)
      crass (~> 1.0.2)
      nokogiri (>= 1.5.9)
    maruku (0.7.0)
    matrix (0.4.2)
    mercenary (0.3.6)
    method_source (1.0.0)
    minitest (5.16.3)
    namae (1.1.1)
    net-dns (0.9.0)
    nokogiri (1.13.9-arm64-darwin)
      racc (~> 1.4)
    nokogiri (1.13.9-x86_64-darwin)
      racc (~> 1.4)
    nokogiri (1.13.9-x86_64-linux)
      racc (~> 1.4)
    octokit (4.25.1)
      faraday (>= 1, < 3)
      sawyer (~> 0.9)
    parslet (1.5.0)
      blankslate (~> 2.0)
    popper_js (2.11.6)
    posix-spawn (0.3.15)
    public_suffix (1.5.3)
    pygments.rb (0.6.3)
      posix-spawn (~> 0.3.6)
      yajl-ruby (~> 1.2.0)
    racc (1.6.0)
    rack (2.2.4)
    rack-test (2.0.2)
      rack (>= 1.3)
    rails-dom-testing (2.0.3)
      activesupport (>= 4.2.0)
      nokogiri (>= 1.6)
    rails-html-sanitizer (1.4.3)
      loofah (~> 2.3)
    railties (6.0.3.7)
      actionpack (= 6.0.3.7)
      activesupport (= 6.0.3.7)
      method_source
      rake (>= 0.8.7)
      thor (>= 0.20.3, < 2.0)
    rake (13.0.6)
    rb-fsevent (0.11.2)
    rb-inotify (0.10.1)
      ffi (~> 1.0)
    rdiscount (2.1.8)
    redcarpet (3.3.3)
    rexml (3.2.5)
    ruby2_keywords (0.0.5)
    safe_yaml (1.0.5)
    sass (3.7.4)
      sass-listen (~> 4.0.0)
    sass-listen (4.0.0)
      rb-fsevent (~> 0.9, >= 0.9.4)
      rb-inotify (~> 0.9, >= 0.9.7)
    sassc (2.4.0)
      ffi (~> 1.9)
    sassc-rails (2.1.2)
      railties (>= 4.0.0)
      sassc (>= 2.0)
      sprockets (> 3.0)
      sprockets-rails
      tilt
    sawyer (0.9.2)
      addressable (>= 2.3.5)
      faraday (>= 0.17.3, < 3)
    sprockets (4.1.1)
      concurrent-ruby (~> 1.0)
      rack (> 1, < 3)
    sprockets-rails (3.4.2)
      actionpack (>= 5.2)
      activesupport (>= 5.2)
      sprockets (>= 3.0.0)
    terminal-table (1.8.0)
      unicode-display_width (~> 1.1, >= 1.1.1)
    thor (1.2.1)
    thread_safe (0.3.6)
    tilt (2.0.11)
    toml (0.1.2)
      parslet (~> 1.5.0)
    typhoeus (0.8.0)
      ethon (>= 0.8.0)
    tzinfo (1.2.10)
      thread_safe (~> 0.1)
    unicode-display_width (1.8.0)
    yajl-ruby (1.2.3)
    zeitwerk (2.6.1)

PLATFORMS
  universal-darwin-20
  x86_64-linux

DEPENDENCIES
  activesupport
  bibtex-ruby (>= 5.1.0)
  bootstrap
  github-pages
  jekyll
  jekyll-mentions
  jekyll-scholar

BUNDLED WITH
   2.2.14
